GEM
  remote: http://rubygems.org/
  specs:
    bson (1.0.4)
    bson_ext (1.0.4)
    mongo (1.0.7)
      bson (>= 1.0.4)

PLATFORMS
  ruby

DEPENDENCIES
  bson_ext
  mongo
